GEM
  remote: https://rubygems.org/
  specs:
    diff-lcs (1.2.5)
    ethon (0.7.1)
      ffi (>= 1.3.0)
    ffi (1.9.6)
    hashie (3.3.2)
    rspec (3.1.0)
      rspec-core (~> 3.1.0)
      rspec-expectations (~> 3.1.0)
      rspec-mocks (~> 3.1.0)
    rspec-core (3.1.7)
      rspec-support (~> 3.1.0)
    rspec-expectations (3.1.2)
      diff-lcs (>= 1.2.0, < 2.0)
      rspec-support (~> 3.1.0)
    rspec-mocks (3.1.3)
      rspec-support (~> 3.1.0)
    rspec-support (3.1.2)
    typhoeus (0.6.9)
      ethon (>= 0.7.1)

PLATFORMS
  ruby

DEPENDENCIES
  hashie (~> 3.3.2)
  rspec (~> 3.0)
  typhoeus
